GEM
  remote: http://rubygems.org/
  specs:
    SystemTimer (1.2.3)
    actionmailer (4.0.5)
      actionpack (= 4.0.5)
      mail (~> 2.5.4)
    actionpack (4.0.5)
      activesupport (= 4.0.5)
      builder (~> 3.1.0)
      erubis (~> 2.7.0)
      rack (~> 1.5.2)
      rack-test (~> 0.6.2)
    actionpack-page_caching (1.0.2)
      actionpack (>= 4.0.0, < 5)
    activemodel (4.0.5)
      activesupport (= 4.0.5)
      builder (~> 3.1.0)
    activerecord (4.0.5)
      activemodel (= 4.0.5)
      activerecord-deprecated_finders (~> 1.0.2)
      activesupport (= 4.0.5)
      arel (~> 4.0.0)
    activerecord-deprecated_finders (1.0.3)
    activesupport (4.0.5)
      i18n (~> 0.6, >= 0.6.9)
      minitest (~> 4.2)
      multi_json (~> 1.3)
      thread_safe (~> 0.1)
      tzinfo (~> 0.3.37)
    arel (4.0.2)
    bigdecimal (1.1.0)
    builder (3.1.4)
    capybara (2.2.1)
      mime-types (>= 1.16)
      nokogiri (>= 1.3.3)
      rack (>= 1.0.0)
      rack-test (>= 0.5.4)
      xpath (~> 2.0)
    climate_control (0.0.3)
      activesupport (>= 3.0)
    cliver (0.3.2)
    cocaine (0.5.4)
      climate_control (>= 0.0.3, < 1.0)
    coffee-rails (4.0.1)
      coffee-script (>= 2.2.0)
      railties (>= 4.0.0, < 5.0)
    coffee-script (2.2.0)
      coffee-script-source
      execjs
    coffee-script-source (1.7.0)
    colorize (0.7.2)
    composite_primary_keys (6.0.3)
      activerecord (>= 4.0.0)
    dalli (2.7.1)
    deadlock_retry (1.2.0)
    dynamic_form (1.1.4)
    erubis (2.7.0)
    execjs (2.0.2)
    faraday (0.9.0)
      multipart-post (>= 1.2, < 3)
    hike (1.2.3)
    htmlentities (4.3.1)
    http_accept_language (2.0.1)
    httpclient (2.3.4.1)
    i18n (0.6.9)
    iconv (0.1)
    jquery-rails (3.1.0)
      railties (>= 3.0, < 5.0)
      thor (>= 0.14, < 2.0)
    json (1.8.1)
    jsonify (0.3.1)
      multi_json (~> 1.0)
    jsonify-rails (0.3.2)
      actionpack
      jsonify (< 0.4.0)
    jwt (0.1.13)
      multi_json (>= 1.5)
    kgio (2.9.2)
    konacha (3.2.2)
      actionpack (>= 3.1, < 5)
      capybara
      colorize
      railties (>= 3.1, < 5)
      sprockets
    libxml-ruby (2.7.0)
    mail (2.5.4)
      mime-types (~> 1.16)
      treetop (~> 1.4.8)
    mime-types (1.25.1)
    mini_portile (0.5.3)
    minitest (4.7.5)
    multi_json (1.10.0)
    multi_xml (0.5.5)
    multipart-post (2.0.0)
    nokogiri (1.6.1)
      mini_portile (~> 0.5.0)
    oauth (0.4.7)
    oauth-plugin (0.5.1)
      multi_json
      oauth (~> 0.4.4)
      oauth2 (>= 0.5.0)
      rack
    oauth2 (0.9.3)
      faraday (>= 0.8, < 0.10)
      jwt (~> 0.1.8)
      multi_json (~> 1.3)
      multi_xml (~> 0.5)
      rack (~> 1.2)
    open_id_authentication (1.2.0)
      rack-openid (~> 1.3)
    openstreetmap-i18n-js (3.0.0.rc5.3)
      i18n
    paperclip (4.1.1)
      activemodel (>= 3.0.0)
      activesupport (>= 3.0.0)
      cocaine (~> 0.5.3)
      mime-types
    pg (0.17.1)
    poltergeist (1.5.0)
      capybara (~> 2.1)
      cliver (~> 0.3.1)
      multi_json (~> 1.0)
      websocket-driver (>= 0.2.0)
    polyglot (0.3.4)
    psych (2.0.5)
    r2 (0.2.3)
    rack (1.5.2)
    rack-cors (0.2.9)
    rack-openid (1.4.2)
      rack (>= 1.1.0)
      ruby-openid (>= 2.1.8)
    rack-test (0.6.2)
      rack (>= 1.0)
    rails (4.0.5)
      actionmailer (= 4.0.5)
      actionpack (= 4.0.5)
      activerecord (= 4.0.5)
      activesupport (= 4.0.5)
      bundler (>= 1.3.0, < 2.0)
      railties (= 4.0.5)
      sprockets-rails (~> 2.0.0)
    rails-i18n (4.0.2)
      i18n (~> 0.6)
      rails (>= 4.0)
    railties (4.0.5)
      actionpack (= 4.0.5)
      activesupport (= 4.0.5)
      rake (>= 0.8.7)
      thor (>= 0.18.1, < 2.0)
    rake (10.3.1)
    redcarpet (3.1.1)
    rinku (1.7.3)
    ruby-openid (2.5.0)
    sanitize (2.1.0)
      nokogiri (>= 1.4.4)
    sass (3.2.19)
    sass-rails (4.0.3)
      railties (>= 4.0.0, < 5.0)
      sass (~> 3.2.0)
      sprockets (~> 2.8, <= 2.11.0)
      sprockets-rails (~> 2.0)
    soap4r-ruby1.9 (2.0.5)
    sprockets (2.11.0)
      hike (~> 1.2)
      multi_json (~> 1.0)
      rack (~> 1.0)
      tilt (~> 1.1, != 1.3.0)
    sprockets-rails (2.0.1)
      actionpack (>= 3.0)
      activesupport (>= 3.0)
      sprockets (~> 2.8)
    thor (0.19.1)
    thread_safe (0.3.3)
    tilt (1.4.1)
    timecop (0.7.1)
    treetop (1.4.15)
      polyglot
      polyglot (>= 0.3.1)
    tzinfo (0.3.39)
    uglifier (2.5.0)
      execjs (>= 0.3.0)
      json (>= 1.8.0)
    validates_email_format_of (1.5.3)
    vendorer (0.1.15)
    websocket-driver (0.3.3)
    xpath (2.0.0)
      nokogiri (~> 1.3)

PLATFORMS
  ruby

DEPENDENCIES
  SystemTimer (>= 1.1.3)
  actionpack-page_caching
  bigdecimal (~> 1.1.0)
  coffee-rails (~> 4.0.0)
  composite_primary_keys (>= 6.0.1)
  dalli
  deadlock_retry (>= 1.2.0)
  dynamic_form
  htmlentities
  http_accept_language (~> 2.0.0)
  httpclient
  iconv (= 0.1)
  jquery-rails
  json
  jsonify-rails
  kgio
  konacha
  libxml-ruby (>= 2.0.5)
  minitest (~> 4.7.0)
  oauth-plugin (>= 0.5.1)
  open_id_authentication (>= 1.1.0)
  openstreetmap-i18n-js (>= 3.0.0.rc5.3)
  paperclip (~> 4.0)
  pg
  poltergeist
  psych
  r2
  rack-cors
  rails (= 4.0.5)
  rails-i18n (~> 4.0.0)
  redcarpet
  rinku (>= 1.2.2)
  ruby-openid (>= 2.2.0)
  sanitize
  sass-rails (~> 4.0.0)
  soap4r-ruby1.9
  timecop
  uglifier (>= 1.3.0)
  validates_email_format_of (>= 1.5.1)
  vendorer
