GIT
  remote: https://github.com/rkoeze/gd2-ffij.git
  revision: a203a8d5ef004a4198950e86329228fe3f331d06
  ref: a203a8d5ef004a4198950e86329228fe3f331d06
  specs:
    gd2-ffij (0.4.1.dev)
      ffi (>= 1.0.0)

GEM
  remote: https://rubygems.org/
  specs:
    aasm (5.5.1)
      concurrent-ruby (~> 1.0)
    actioncable (8.0.3)
      actionpack (= 8.0.3)
      activesupport (= 8.0.3)
      nio4r (~> 2.0)
      websocket-driver (>= 0.6.1)
      zeitwerk (~> 2.6)
    actionmailbox (8.0.3)
      actionpack (= 8.0.3)
      activejob (= 8.0.3)
      activerecord (= 8.0.3)
      activestorage (= 8.0.3)
      activesupport (= 8.0.3)
      mail (>= 2.8.0)
    actionmailer (8.0.3)
      actionpack (= 8.0.3)
      actionview (= 8.0.3)
      activejob (= 8.0.3)
      activesupport (= 8.0.3)
      mail (>= 2.8.0)
      rails-dom-testing (~> 2.2)
    actionpack (8.0.3)
      actionview (= 8.0.3)
      activesupport (= 8.0.3)
      nokogiri (>= 1.8.5)
      rack (>= 2.2.4)
      rack-session (>= 1.0.1)
      rack-test (>= 0.6.3)
      rails-dom-testing (~> 2.2)
      rails-html-sanitizer (~> 1.6)
      useragent (~> 0.16)
    actionpack-page_caching (1.2.4)
      actionpack (>= 4.0.0)
    actiontext (8.0.3)
      actionpack (= 8.0.3)
      activerecord (= 8.0.3)
      activestorage (= 8.0.3)
      activesupport (= 8.0.3)
      globalid (>= 0.6.0)
      nokogiri (>= 1.8.5)
    actionview (8.0.3)
      activesupport (= 8.0.3)
      builder (~> 3.1)
      erubi (~> 1.11)
      rails-dom-testing (~> 2.2)
      rails-html-sanitizer (~> 1.6)
    active_record_union (1.4.0)
      activerecord (>= 6.0)
    activejob (8.0.3)
      activesupport (= 8.0.3)
      globalid (>= 0.3.6)
    activemodel (8.0.3)
      activesupport (= 8.0.3)
    activerecord (8.0.3)
      activemodel (= 8.0.3)
      activesupport (= 8.0.3)
      timeout (>= 0.4.0)
    activerecord-import (2.2.0)
      activerecord (>= 4.2)
    activestorage (8.0.3)
      actionpack (= 8.0.3)
      activejob (= 8.0.3)
      activerecord (= 8.0.3)
      activesupport (= 8.0.3)
      marcel (~> 1.0)
    activesupport (8.0.3)
      base64
      benchmark (>= 0.3)
      bigdecimal
      concurrent-ruby (~> 1.0, >= 1.3.1)
      connection_pool (>= 2.2.5)
      drb
      i18n (>= 1.6, < 2)
      logger (>= 1.4.2)
      minitest (>= 5.1)
      securerandom (>= 0.3)
      tzinfo (~> 2.0, >= 2.0.5)
      uri (>= 0.13.1)
    addressable (2.8.7)
      public_suffix (>= 2.0.2, < 7.0)
    aes_key_wrap (1.1.0)
    annotaterb (4.19.0)
      activerecord (>= 6.0.0)
      activesupport (>= 6.0.0)
    argon2 (2.3.2)
      ffi (~> 1.15)
      ffi-compiler (~> 1.0)
    ast (2.4.3)
    autoprefixer-rails (10.4.21.0)
      execjs (~> 2)
    aws-eventstream (1.4.0)
    aws-partitions (1.1167.0)
    aws-sdk-core (3.233.0)
      aws-eventstream (~> 1, >= 1.3.0)
      aws-partitions (~> 1, >= 1.992.0)
      aws-sigv4 (~> 1.9)
      base64
      bigdecimal
      jmespath (~> 1, >= 1.6.1)
      logger
    aws-sdk-kms (1.113.0)
      aws-sdk-core (~> 3, >= 3.231.0)
      aws-sigv4 (~> 1.5)
    aws-sdk-s3 (1.199.1)
      aws-sdk-core (~> 3, >= 3.231.0)
      aws-sdk-kms (~> 1)
      aws-sigv4 (~> 1.5)
    aws-sigv4 (1.12.1)
      aws-eventstream (~> 1, >= 1.0.2)
    base64 (0.3.0)
    benchmark (0.4.1)
    better_errors (2.10.1)
      erubi (>= 1.0.0)
      rack (>= 0.9.0)
      rouge (>= 1.0.0)
    better_html (2.2.0)
      actionview (>= 7.0)
      activesupport (>= 7.0)
      ast (~> 2.0)
      erubi (~> 1.4)
      parser (>= 2.4)
      smart_properties
    bigdecimal (3.2.3)
    bindata (2.5.1)
    binding_of_caller (1.0.1)
      debug_inspector (>= 1.2.0)
    bootsnap (1.18.6)
      msgpack (~> 1.2)
    bootstrap (5.3.5)
      popper_js (>= 2.11.8, < 3)
    bootstrap_form (5.4.0)
      actionpack (>= 6.1)
      activemodel (>= 6.1)
    brakeman (7.1.0)
      racc
    brotli (0.7.0)
    builder (3.3.0)
    bzip2-ffi (1.1.1)
      ffi (~> 1.0)
    cancancan (3.6.1)
    canonical-rails (0.2.17)
      actionview (>= 4.1, < 8.1)
    capybara (3.40.0)
      addressable
      matrix
      mini_mime (>= 0.1.3)
      nokogiri (~> 1.11)
      rack (>= 1.6.0)
      rack-test (>= 0.6.3)
      regexp_parser (>= 1.5, < 3.0)
      xpath (~> 3.2)
    childprocess (5.1.0)
      logger (~> 1.5)
    claide (1.1.0)
    claide-plugins (0.9.2)
      cork
      nap
      open4 (~> 1.3)
    colored2 (3.1.2)
    concurrent-ruby (1.3.5)
    config (5.6.1)
      deep_merge (~> 1.2, >= 1.2.1)
      ostruct
    connection_pool (2.5.4)
    cork (0.3.0)
      colored2 (~> 3.1)
    crack (1.0.0)
      bigdecimal
      rexml
    crass (1.0.6)
    dalli (3.2.8)
    danger (9.5.3)
      base64 (~> 0.2)
      claide (~> 1.0)
      claide-plugins (>= 0.9.2)
      colored2 (>= 3.1, < 5)
      cork (~> 0.1)
      faraday (>= 0.9.0, < 3.0)
      faraday-http-cache (~> 2.0)
      git (>= 1.13, < 3.0)
      kramdown (>= 2.5.1, < 3.0)
      kramdown-parser-gfm (~> 1.0)
      octokit (>= 4.0)
      pstore (~> 0.1)
      terminal-table (>= 1, < 5)
    danger-auto_label (1.3.1)
      danger-plugin-api (~> 1.0)
    danger-plugin-api (1.0.0)
      danger (> 2.0)
    dartsass-ruby (3.0.2)
      sass-embedded (~> 1.54, < 1.67)
    dartsass-sprockets (3.0.0)
      dartsass-ruby (~> 3.0)
      railties (>= 4.0.0)
      sprockets (> 3.0)
      sprockets-rails
      tilt
    date (3.4.1)
    debug (1.11.0)
      irb (~> 1.10)
      reline (>= 0.3.8)
    debug_inspector (1.2.0)
    deep_merge (1.2.2)
    delayed_job (4.1.13)
      activesupport (>= 3.0, < 9.0)
    delayed_job_active_record (4.1.11)
      activerecord (>= 3.0, < 9.0)
      delayed_job (>= 3.0, < 5)
    docile (1.4.1)
    doorkeeper (5.8.2)
      railties (>= 5)
    doorkeeper-i18n (5.2.7)
      doorkeeper (>= 5.2)
    doorkeeper-openid_connect (1.8.11)
      doorkeeper (>= 5.5, < 5.9)
      jwt (>= 2.5)
      ostruct (>= 0.5)
    drb (2.2.3)
    dry-configurable (1.3.0)
      dry-core (~> 1.1)
      zeitwerk (~> 2.6)
    dry-core (1.1.0)
      concurrent-ruby (~> 1.0)
      logger
      zeitwerk (~> 2.6)
    dry-inflector (1.2.0)
    dry-initializer (3.2.0)
    dry-logic (1.6.0)
      bigdecimal
      concurrent-ruby (~> 1.0)
      dry-core (~> 1.1)
      zeitwerk (~> 2.6)
    dry-schema (1.14.1)
      concurrent-ruby (~> 1.0)
      dry-configurable (~> 1.0, >= 1.0.1)
      dry-core (~> 1.1)
      dry-initializer (~> 3.2)
      dry-logic (~> 1.5)
      dry-types (~> 1.8)
      zeitwerk (~> 2.6)
    dry-types (1.8.3)
      bigdecimal (~> 3.0)
      concurrent-ruby (~> 1.0)
      dry-core (~> 1.0)
      dry-inflector (~> 1.0)
      dry-logic (~> 1.4)
      zeitwerk (~> 2.6)
    dry-validation (1.11.1)
      concurrent-ruby (~> 1.0)
      dry-core (~> 1.1)
      dry-initializer (~> 3.2)
      dry-schema (~> 1.14)
      zeitwerk (~> 2.6)
    erb (5.0.2)
    erb_lint (0.9.0)
      activesupport
      better_html (>= 2.0.1)
      parser (>= 2.7.1.4)
      rainbow
      rubocop (>= 1)
      smart_properties
    erubi (1.13.1)
    execjs (2.10.0)
    exifr (1.4.1)
    factory_bot (6.5.5)
      activesupport (>= 6.1.0)
    factory_bot_rails (6.5.1)
      factory_bot (~> 6.5)
      railties (>= 6.1.0)
    faraday (2.14.0)
      faraday-net_http (>= 2.0, < 3.5)
      json
      logger
    faraday-follow_redirects (0.3.0)
      faraday (>= 1, < 3)
    faraday-http-cache (2.5.1)
      faraday (>= 0.8)
    faraday-net_http (3.4.1)
      net-http (>= 0.5.0)
    ffi (1.17.2)
    ffi-compiler (1.3.2)
      ffi (>= 1.15.5)
      rake
    ffi-libarchive (1.1.14)
      ffi (~> 1.0)
    frozen_record (0.27.4)
      activemodel
    fspath (3.1.2)
    git (2.3.3)
      activesupport (>= 5.0)
      addressable (~> 2.8)
      process_executer (~> 1.1)
      rchardet (~> 1.8)
    glob (0.4.1)
    globalid (1.3.0)
      activesupport (>= 6.1)
    google-protobuf (3.25.8)
    googleapis-common-protos-types (1.20.0)
      google-protobuf (>= 3.18, < 5.a)
    hashdiff (1.2.1)
    hashie (5.0.0)
    highline (3.1.2)
      reline
    htmlentities (4.3.4)
    http_accept_language (2.1.1)
    i18n (1.14.7)
      concurrent-ruby (~> 1.0)
    i18n-js (4.2.3)
      glob (>= 0.4.0)
      i18n
    i18n-tasks (1.0.15)
      activesupport (>= 4.0.2)
      ast (>= 2.1.0)
      erubi
      highline (>= 2.0.0)
      i18n
      parser (>= 3.2.2.1)
      rails-i18n
      rainbow (>= 2.2.2, < 4.0)
      ruby-progressbar (~> 1.8, >= 1.8.1)
      terminal-table (>= 1.5.1)
    image_optim (0.31.4)
      exifr (~> 1.2, >= 1.2.2)
      fspath (~> 3.0)
      image_size (>= 1.5, < 4)
      in_threads (~> 1.3)
      progress (~> 3.0, >= 3.0.1)
    image_optim_rails (0.5.0)
      image_optim (~> 0.24)
      railties
      sprockets
    image_processing (1.14.0)
      mini_magick (>= 4.9.5, < 6)
      ruby-vips (>= 2.0.17, < 3)
    image_size (3.4.0)
    in_threads (1.6.0)
    iniparse (1.5.0)
    inline_svg (1.10.0)
      activesupport (>= 3.0)
      nokogiri (>= 1.6)
    io-console (0.8.1)
    irb (1.15.2)
      pp (>= 0.6.0)
      rdoc (>= 4.0.0)
      reline (>= 0.4.2)
    jbuilder (2.14.1)
      actionview (>= 7.0.0)
      activesupport (>= 7.0.0)
    jmespath (1.6.2)
    jquery-rails (4.6.0)
      rails-dom-testing (>= 1, < 3)
      railties (>= 4.2.0)
      thor (>= 0.14, < 2.0)
    json (2.15.0)
    json-jwt (1.17.0)
      activesupport (>= 4.2)
      aes_key_wrap
      base64
      bindata
      faraday (~> 2.0)
      faraday-follow_redirects
    jwt (2.10.2)
      base64
    kramdown (2.5.1)
      rexml (>= 3.3.9)
    kramdown-parser-gfm (1.1.0)
      kramdown (~> 2.0)
    language_server-protocol (3.17.0.5)
    libv8-node (18.19.0.0)
    libxml-ruby (5.0.5)
    lint_roller (1.1.0)
    listen (3.9.0)
      rb-fsevent (~> 0.10, >= 0.10.3)
      rb-inotify (~> 0.9, >= 0.9.10)
    logger (1.7.0)
    loofah (2.24.1)
      crass (~> 1.0.2)
      nokogiri (>= 1.12.0)
    mail (2.8.1)
      mini_mime (>= 0.1.1)
      net-imap
      net-pop
      net-smtp
    marcel (1.1.0)
    matrix (0.4.3)
    maxminddb (0.1.22)
    mini_magick (5.3.1)
      logger
    mini_mime (1.1.5)
    mini_portile2 (2.8.9)
    mini_racer (0.9.0)
      libv8-node (~> 18.19.0.0)
    minitest (5.25.5)
    minitest-focus (1.4.0)
      minitest (>= 4, < 6)
    msgpack (1.8.0)
    multi_xml (0.7.2)
      bigdecimal (~> 3.1)
    nap (1.1.0)
    net-http (0.6.0)
      uri
    net-imap (0.5.10)
      date
      net-protocol
    net-pop (0.1.2)
      net-protocol
    net-protocol (0.2.2)
      timeout
    net-smtp (0.5.1)
      net-protocol
    nio4r (2.7.4)
    nokogiri (1.18.10)
      mini_portile2 (~> 2.8.2)
      racc (~> 1.4)
    oauth (1.1.2)
      oauth-tty (~> 1.0, >= 1.0.6)
      snaky_hash (~> 2.0)
      version_gem (~> 1.1, >= 1.1.9)
    oauth-tty (1.0.6)
      version_gem (~> 1.1, >= 1.1.9)
    oauth2 (2.0.17)
      faraday (>= 0.17.3, < 4.0)
      jwt (>= 1.0, < 4.0)
      logger (~> 1.2)
      multi_xml (~> 0.5)
      rack (>= 1.2, < 4)
      snaky_hash (~> 2.0, >= 2.0.3)
      version_gem (~> 1.1, >= 1.1.9)
    octokit (10.0.0)
      faraday (>= 1, < 3)
      sawyer (~> 0.9)
    omniauth (2.1.3)
      hashie (>= 3.4.6)
      rack (>= 2.2.3)
      rack-protection
    omniauth-apple (1.3.0)
      json-jwt
      omniauth-oauth2
    omniauth-facebook (10.0.0)
      bigdecimal
      omniauth-oauth2 (>= 1.2, < 3)
    omniauth-github (2.0.1)
      omniauth (~> 2.0)
      omniauth-oauth2 (~> 1.8)
    omniauth-google-oauth2 (1.2.1)
      jwt (>= 2.9.2)
      oauth2 (~> 2.0)
      omniauth (~> 2.0)
      omniauth-oauth2 (~> 1.8)
    omniauth-mediawiki (0.0.4)
      jwt (~> 2.0)
      omniauth-oauth (~> 1.0)
    omniauth-microsoft_graph (2.1.0)
      jwt (~> 2.0)
      omniauth (~> 2.0)
      omniauth-oauth2 (~> 1.8.0)
    omniauth-oauth (1.2.1)
      oauth
      omniauth (>= 1.0, < 3)
      rack (>= 1.6.2, < 4)
    omniauth-oauth2 (1.8.0)
      oauth2 (>= 1.4, < 3)
      omniauth (~> 2.0)
    omniauth-rails_csrf_protection (1.0.2)
      actionpack (>= 4.2)
      omniauth (~> 2.0)
    open4 (1.3.4)
    openstreetmap-deadlock_retry (1.3.1)
    opentelemetry-api (1.7.0)
    opentelemetry-common (0.22.0)
      opentelemetry-api (~> 1.0)
    opentelemetry-exporter-otlp (0.30.0)
      google-protobuf (>= 3.18)
      googleapis-common-protos-types (~> 1.3)
      opentelemetry-api (~> 1.1)
      opentelemetry-common (~> 0.20)
      opentelemetry-sdk (~> 1.2)
      opentelemetry-semantic_conventions
    opentelemetry-helpers-mysql (0.3.0)
      opentelemetry-api (~> 1.7)
      opentelemetry-common (~> 0.21)
    opentelemetry-helpers-sql (0.2.0)
      opentelemetry-api (~> 1.7)
    opentelemetry-helpers-sql-obfuscation (0.3.0)
      opentelemetry-common (~> 0.21)
    opentelemetry-instrumentation-action_mailer (0.5.0)
      opentelemetry-instrumentation-active_support (~> 0.7)
    opentelemetry-instrumentation-action_pack (0.14.0)
      opentelemetry-instrumentation-rack (~> 0.21)
    opentelemetry-instrumentation-action_view (0.10.0)
      opentelemetry-instrumentation-active_support (~> 0.7)
    opentelemetry-instrumentation-active_job (0.9.0)
      opentelemetry-instrumentation-base (~> 0.23)
    opentelemetry-instrumentation-active_model_serializers (0.23.0)
      opentelemetry-instrumentation-active_support (>= 0.7.0)
    opentelemetry-instrumentation-active_record (0.10.0)
      opentelemetry-instrumentation-base (~> 0.23)
    opentelemetry-instrumentation-active_storage (0.2.0)
      opentelemetry-instrumentation-active_support (~> 0.7)
    opentelemetry-instrumentation-active_support (0.9.0)
      opentelemetry-instrumentation-base (~> 0.23)
    opentelemetry-instrumentation-all (0.84.0)
      opentelemetry-instrumentation-active_model_serializers (~> 0.23.0)
      opentelemetry-instrumentation-anthropic (~> 0.2.0)
      opentelemetry-instrumentation-aws_lambda (~> 0.5.0)
      opentelemetry-instrumentation-aws_sdk (~> 0.9.0)
      opentelemetry-instrumentation-bunny (~> 0.23.0)
      opentelemetry-instrumentation-concurrent_ruby (~> 0.23.0)
      opentelemetry-instrumentation-dalli (~> 0.28.0)
      opentelemetry-instrumentation-delayed_job (~> 0.24.0)
      opentelemetry-instrumentation-ethon (~> 0.24.0)
      opentelemetry-instrumentation-excon (~> 0.25.0)
      opentelemetry-instrumentation-faraday (~> 0.29.0)
      opentelemetry-instrumentation-grape (~> 0.4.0)
      opentelemetry-instrumentation-graphql (~> 0.30.0)
      opentelemetry-instrumentation-grpc (~> 0.3.0)
      opentelemetry-instrumentation-gruf (~> 0.4.0)
      opentelemetry-instrumentation-http (~> 0.26.0)
      opentelemetry-instrumentation-http_client (~> 0.25.0)
      opentelemetry-instrumentation-httpx (~> 0.4.0)
      opentelemetry-instrumentation-koala (~> 0.22.0)
      opentelemetry-instrumentation-lmdb (~> 0.24.0)
      opentelemetry-instrumentation-mongo (~> 0.24.0)
      opentelemetry-instrumentation-mysql2 (~> 0.30.0)
      opentelemetry-instrumentation-net_http (~> 0.25.0)
      opentelemetry-instrumentation-pg (~> 0.31.0)
      opentelemetry-instrumentation-que (~> 0.10.0)
      opentelemetry-instrumentation-racecar (~> 0.5.0)
      opentelemetry-instrumentation-rack (~> 0.28.0)
      opentelemetry-instrumentation-rails (~> 0.38.0)
      opentelemetry-instrumentation-rake (~> 0.4.0)
      opentelemetry-instrumentation-rdkafka (~> 0.8.0)
      opentelemetry-instrumentation-redis (~> 0.27.0)
      opentelemetry-instrumentation-resque (~> 0.7.0)
      opentelemetry-instrumentation-restclient (~> 0.25.0)
      opentelemetry-instrumentation-ruby_kafka (~> 0.23.0)
      opentelemetry-instrumentation-sidekiq (~> 0.27.0)
      opentelemetry-instrumentation-sinatra (~> 0.27.0)
      opentelemetry-instrumentation-trilogy (~> 0.63.0)
    opentelemetry-instrumentation-anthropic (0.2.0)
      opentelemetry-instrumentation-base (~> 0.23)
    opentelemetry-instrumentation-aws_lambda (0.5.0)
      opentelemetry-instrumentation-base (~> 0.23)
    opentelemetry-instrumentation-aws_sdk (0.9.0)
      opentelemetry-instrumentation-base (~> 0.23)
    opentelemetry-instrumentation-base (0.23.0)
      opentelemetry-api (~> 1.0)
      opentelemetry-common (~> 0.21)
      opentelemetry-registry (~> 0.1)
    opentelemetry-instrumentation-bunny (0.23.0)
      opentelemetry-instrumentation-base (~> 0.23)
    opentelemetry-instrumentation-concurrent_ruby (0.23.0)
      opentelemetry-instrumentation-base (~> 0.23)
    opentelemetry-instrumentation-dalli (0.28.0)
      opentelemetry-instrumentation-base (~> 0.23)
    opentelemetry-instrumentation-delayed_job (0.24.0)
      opentelemetry-instrumentation-base (~> 0.23)
    opentelemetry-instrumentation-ethon (0.24.0)
      opentelemetry-instrumentation-base (~> 0.23)
    opentelemetry-instrumentation-excon (0.25.0)
      opentelemetry-instrumentation-base (~> 0.23)
    opentelemetry-instrumentation-faraday (0.29.0)
      opentelemetry-instrumentation-base (~> 0.23)
    opentelemetry-instrumentation-grape (0.4.0)
      opentelemetry-instrumentation-rack (~> 0.21)
    opentelemetry-instrumentation-graphql (0.30.0)
      opentelemetry-instrumentation-base (~> 0.23)
    opentelemetry-instrumentation-grpc (0.3.0)
      opentelemetry-instrumentation-base (~> 0.23)
    opentelemetry-instrumentation-gruf (0.4.0)
      opentelemetry-instrumentation-base (~> 0.23)
    opentelemetry-instrumentation-http (0.26.0)
      opentelemetry-instrumentation-base (~> 0.23)
    opentelemetry-instrumentation-http_client (0.25.0)
      opentelemetry-instrumentation-base (~> 0.23)
    opentelemetry-instrumentation-httpx (0.4.0)
      opentelemetry-instrumentation-base (~> 0.23)
    opentelemetry-instrumentation-koala (0.22.0)
      opentelemetry-instrumentation-base (~> 0.23)
    opentelemetry-instrumentation-lmdb (0.24.0)
      opentelemetry-instrumentation-base (~> 0.23)
    opentelemetry-instrumentation-mongo (0.24.0)
      opentelemetry-instrumentation-base (~> 0.23)
    opentelemetry-instrumentation-mysql2 (0.30.0)
      opentelemetry-helpers-mysql
      opentelemetry-helpers-sql
      opentelemetry-helpers-sql-obfuscation
      opentelemetry-instrumentation-base (~> 0.23)
    opentelemetry-instrumentation-net_http (0.25.0)
      opentelemetry-instrumentation-base (~> 0.23)
    opentelemetry-instrumentation-pg (0.31.0)
      opentelemetry-helpers-sql
      opentelemetry-helpers-sql-obfuscation
      opentelemetry-instrumentation-base (~> 0.23)
    opentelemetry-instrumentation-que (0.10.0)
      opentelemetry-instrumentation-base (~> 0.23)
    opentelemetry-instrumentation-racecar (0.5.0)
      opentelemetry-instrumentation-base (~> 0.23)
    opentelemetry-instrumentation-rack (0.28.0)
      opentelemetry-instrumentation-base (~> 0.23)
    opentelemetry-instrumentation-rails (0.38.0)
      opentelemetry-instrumentation-action_mailer (~> 0.4)
      opentelemetry-instrumentation-action_pack (~> 0.13)
      opentelemetry-instrumentation-action_view (~> 0.9)
      opentelemetry-instrumentation-active_job (~> 0.8)
      opentelemetry-instrumentation-active_record (~> 0.9)
      opentelemetry-instrumentation-active_storage (~> 0.1)
      opentelemetry-instrumentation-active_support (~> 0.8)
      opentelemetry-instrumentation-concurrent_ruby (~> 0.22)
    opentelemetry-instrumentation-rake (0.4.0)
      opentelemetry-instrumentation-base (~> 0.23)
    opentelemetry-instrumentation-rdkafka (0.8.0)
      opentelemetry-instrumentation-base (~> 0.23)
    opentelemetry-instrumentation-redis (0.27.0)
      opentelemetry-instrumentation-base (~> 0.23)
    opentelemetry-instrumentation-resque (0.7.0)
      opentelemetry-instrumentation-base (~> 0.23)
    opentelemetry-instrumentation-restclient (0.25.0)
      opentelemetry-instrumentation-base (~> 0.23)
    opentelemetry-instrumentation-ruby_kafka (0.23.0)
      opentelemetry-instrumentation-base (~> 0.23)
    opentelemetry-instrumentation-sidekiq (0.27.0)
      opentelemetry-instrumentation-base (~> 0.23)
    opentelemetry-instrumentation-sinatra (0.27.0)
      opentelemetry-instrumentation-rack (~> 0.21)
    opentelemetry-instrumentation-trilogy (0.63.0)
      opentelemetry-helpers-mysql
      opentelemetry-helpers-sql
      opentelemetry-helpers-sql-obfuscation
      opentelemetry-instrumentation-base (~> 0.23)
      opentelemetry-semantic_conventions (>= 1.8.0)
    opentelemetry-registry (0.4.0)
      opentelemetry-api (~> 1.1)
    opentelemetry-sdk (1.9.0)
      opentelemetry-api (~> 1.1)
      opentelemetry-common (~> 0.20)
      opentelemetry-registry (~> 0.2)
      opentelemetry-semantic_conventions
    opentelemetry-semantic_conventions (1.36.0)
      opentelemetry-api (~> 1.0)
    ostruct (0.6.3)
    overcommit (0.68.0)
      childprocess (>= 0.6.3, < 6)
      iniparse (~> 1.4)
      rexml (>= 3.3.9)
    parallel (1.27.0)
    parser (3.3.9.0)
      ast (~> 2.4.1)
      racc
    pg (1.6.2)
    popper_js (2.11.8)
    pp (0.6.2)
      prettyprint
    prettyprint (0.2.0)
    prism (1.5.1)
    process_executer (1.3.0)
    progress (3.6.0)
    pstore (0.2.0)
    psych (5.2.6)
      date
      stringio
    public_suffix (6.0.2)
    puma (6.6.1)
      nio4r (~> 2.0)
    quad_tile (1.0.1)
    racc (1.8.1)
    rack (3.2.2)
    rack-cors (3.0.0)
      logger
      rack (>= 3.0.14)
    rack-protection (4.1.1)
      base64 (>= 0.1.0)
      logger (>= 1.6.0)
      rack (>= 3.0.0, < 4)
    rack-session (2.1.1)
      base64 (>= 0.1.0)
      rack (>= 3.0.0)
    rack-test (2.2.0)
      rack (>= 1.3)
    rack-uri_sanitizer (0.0.2)
    rackup (2.2.1)
      rack (>= 3)
    rails (8.0.3)
      actioncable (= 8.0.3)
      actionmailbox (= 8.0.3)
      actionmailer (= 8.0.3)
      actionpack (= 8.0.3)
      actiontext (= 8.0.3)
      actionview (= 8.0.3)
      activejob (= 8.0.3)
      activemodel (= 8.0.3)
      activerecord (= 8.0.3)
      activestorage (= 8.0.3)
      activesupport (= 8.0.3)
      bundler (>= 1.15.0)
      railties (= 8.0.3)
    rails-controller-testing (1.0.5)
      actionpack (>= 5.0.1.rc1)
      actionview (>= 5.0.1.rc1)
      activesupport (>= 5.0.1.rc1)
    rails-dom-testing (2.3.0)
      activesupport (>= 5.0.0)
      minitest
      nokogiri (>= 1.6)
    rails-html-sanitizer (1.6.2)
      loofah (~> 2.21)
      nokogiri (>= 1.15.7, != 1.16.7, != 1.16.6, != 1.16.5, != 1.16.4, != 1.16.3, != 1.16.2, != 1.16.1, != 1.16.0.rc1, != 1.16.0)
    rails-i18n (8.0.2)
      i18n (>= 0.7, < 2)
      railties (>= 8.0.0, < 9)
    rails_param (1.3.1)
      actionpack (>= 3.2.0)
      activesupport (>= 3.2.0)
    railties (8.0.3)
      actionpack (= 8.0.3)
      activesupport (= 8.0.3)
      irb (~> 1.13)
      rackup (>= 1.0.0)
      rake (>= 12.2)
      thor (~> 1.0, >= 1.2.2)
      tsort (>= 0.2)
      zeitwerk (~> 2.6)
    rainbow (3.1.1)
    rake (13.3.0)
    rb-fsevent (0.11.2)
    rb-inotify (0.11.1)
      ffi (~> 1.0)
    rchardet (1.10.0)
    rdoc (6.14.2)
      erb
      psych (>= 4.0.0)
    regexp_parser (2.11.3)
    reline (0.6.2)
      io-console (~> 0.5)
    rexml (3.4.4)
    rinku (2.0.6)
    rotp (6.3.0)
    rouge (4.6.1)
    rtlcss (0.2.1)
      mini_racer (>= 0.6.3)
    rubocop (1.81.1)
      json (~> 2.3)
      language_server-protocol (~> 3.17.0.2)
      lint_roller (~> 1.1.0)
      parallel (~> 1.10)
      parser (>= 3.3.0.2)
      rainbow (>= 2.2.2, < 4.0)
      regexp_parser (>= 2.9.3, < 3.0)
      rubocop-ast (>= 1.47.1, < 2.0)
      ruby-progressbar (~> 1.7)
      unicode-display_width (>= 2.4.0, < 4.0)
    rubocop-ast (1.47.1)
      parser (>= 3.3.7.2)
      prism (~> 1.4)
    rubocop-capybara (2.22.1)
      lint_roller (~> 1.1)
      rubocop (~> 1.72, >= 1.72.1)
    rubocop-factory_bot (2.27.1)
      lint_roller (~> 1.1)
      rubocop (~> 1.72, >= 1.72.1)
    rubocop-minitest (0.38.2)
      lint_roller (~> 1.1)
      rubocop (>= 1.75.0, < 2.0)
      rubocop-ast (>= 1.38.0, < 2.0)
    rubocop-performance (1.26.0)
      lint_roller (~> 1.1)
      rubocop (>= 1.75.0, < 2.0)
      rubocop-ast (>= 1.44.0, < 2.0)
    rubocop-rails (2.33.4)
      activesupport (>= 4.2.0)
      lint_roller (~> 1.1)
      rack (>= 1.1)
      rubocop (>= 1.75.0, < 2.0)
      rubocop-ast (>= 1.44.0, < 2.0)
    rubocop-rake (0.7.1)
      lint_roller (~> 1.1)
      rubocop (>= 1.72.1)
    ruby-progressbar (1.13.0)
    ruby-vips (2.2.5)
      ffi (~> 1.12)
      logger
    rubyzip (3.1.1)
    sanitize (7.0.0)
      crass (~> 1.0.2)
      nokogiri (>= 1.16.8)
    sass-embedded (1.64.2)
      google-protobuf (~> 3.23)
      rake (>= 13.0.0)
    sawyer (0.9.2)
      addressable (>= 2.3.5)
      faraday (>= 0.17.3, < 3)
    securerandom (0.4.1)
    selenium-webdriver (4.35.0)
      base64 (~> 0.2)
      logger (~> 1.4)
      rexml (~> 3.2, >= 3.2.5)
      rubyzip (>= 1.2.2, < 4.0)
      websocket (~> 1.0)
    simplecov (0.22.0)
      docile (~> 1.1)
      simplecov-html (~> 0.11)
      simplecov_json_formatter (~> 0.1)
    simplecov-html (0.13.2)
    simplecov-lcov (0.9.0)
    simplecov_json_formatter (0.1.4)
    simpleidn (0.2.3)
    smart_properties (1.17.0)
    snaky_hash (2.0.3)
      hashie (>= 0.1.0, < 6)
      version_gem (>= 1.1.8, < 3)
    sprockets (4.2.2)
      concurrent-ruby (~> 1.0)
      logger
      rack (>= 2.2.4, < 4)
    sprockets-exporters_pack (0.1.2)
      brotli (>= 0.2.0)
      sprockets (>= 4.0.0.beta3)
    sprockets-rails (3.5.2)
      actionpack (>= 6.1)
      activesupport (>= 6.1)
      sprockets (>= 3.0.0)
    stringio (3.1.7)
    strong_migrations (2.5.0)
      activerecord (>= 7.1)
    teaspoon (1.4.0)
      railties (>= 5.0)
    teaspoon-mocha (2.3.3)
      teaspoon (>= 1.0.0)
    terminal-table (4.0.0)
      unicode-display_width (>= 1.1.1, < 4)
    terser (1.2.6)
      execjs (>= 0.3.0, < 3)
    thor (1.4.0)
    tilt (2.6.1)
    timeout (0.4.3)
    tsort (0.2.0)
    turbo-rails (2.0.17)
      actionpack (>= 7.1.0)
      railties (>= 7.1.0)
    tzinfo (2.0.6)
      concurrent-ruby (~> 1.0)
    unicode-display_width (3.2.0)
      unicode-emoji (~> 4.1)
    unicode-emoji (4.1.0)
    uri (0.13.2)
    useragent (0.16.11)
    validates_email_format_of (1.8.2)
      i18n (>= 0.8.0)
      simpleidn
    vendorer (0.2.0)
    version_gem (1.1.9)
    webmock (3.25.1)
      addressable (>= 2.8.0)
      crack (>= 0.3.2)
      hashdiff (>= 0.4.0, < 2.0.0)
    webrick (1.9.1)
    websocket (1.2.11)
    websocket-driver (0.8.0)
      base64
      websocket-extensions (>= 0.1.0)
    websocket-extensions (0.1.5)
    xpath (3.2.0)
      nokogiri (~> 1.8)
    zeitwerk (2.7.3)

PLATFORMS
  ruby

DEPENDENCIES
  aasm
  actionpack-page_caching (>= 1.2.0)
  active_record_union
  activerecord-import
  addressable (~> 2.8)
  annotaterb
  argon2
  autoprefixer-rails
  aws-sdk-s3
  better_errors
  binding_of_caller
  bootsnap (>= 1.4.2)
  bootstrap (~> 5.3.2)
  bootstrap_form (~> 5.0)
  brakeman
  bzip2-ffi
  cancancan
  canonical-rails
  capybara (>= 2.15)
  config
  connection_pool
  dalli
  danger
  danger-auto_label
  dartsass-sprockets
  debug
  debug_inspector
  delayed_job_active_record
  doorkeeper
  doorkeeper-i18n
  doorkeeper-openid_connect
  dry-validation
  erb_lint
  factory_bot_rails
  faraday
  ffi-libarchive
  frozen_record
  gd2-ffij!
  htmlentities
  http_accept_language (~> 2.1.1)
  i18n-js (~> 4.2.3)
  i18n-tasks
  image_optim_rails
  image_processing
  inline_svg
  jbuilder (~> 2.7)
  jquery-rails
  jwt
  kramdown
  libxml-ruby (>= 2.0.5)
  listen
  marcel
  maxminddb
  mini_racer (~> 0.9.0)
  minitest (~> 5.1)
  minitest-focus
  omniauth (~> 2.1.3)
  omniauth-apple
  omniauth-facebook
  omniauth-github
  omniauth-google-oauth2 (>= 0.6.0)
  omniauth-mediawiki (>= 0.0.4)
  omniauth-microsoft_graph
  omniauth-rails_csrf_protection (~> 1.0)
  openstreetmap-deadlock_retry (>= 1.3.1)
  opentelemetry-exporter-otlp
  opentelemetry-instrumentation-all
  opentelemetry-sdk
  overcommit
  pg
  puma (~> 6.6)
  quad_tile (~> 1.0.1)
  rack-cors
  rack-uri_sanitizer
  rackup
  rails (~> 8.0.0)
  rails-controller-testing
  rails-i18n (~> 8.0.0)
  rails_param
  rinku (>= 2.0.6)
  rotp
  rtlcss
  rubocop
  rubocop-capybara
  rubocop-factory_bot
  rubocop-minitest
  rubocop-performance
  rubocop-rails
  rubocop-rake
  sanitize
  sass-embedded (~> 1.64.0)
  selenium-webdriver
  simplecov
  simplecov-lcov
  sprockets-exporters_pack
  strong_migrations
  teaspoon
  teaspoon-mocha (~> 2.3.3)
  terser
  turbo-rails
  unicode-display_width
  uri (< 1.0.0)
  validates_email_format_of (>= 1.5.1)
  vendorer
  webmock
  webrick

BUNDLED WITH
   2.6.2
